GEM
  remote: https://rubygems.org/
  specs:
    md2review (1.0.3)
      redcarpet (> 2.0.0)
    rake (10.2.2)
    redcarpet (3.1.1)
    review (1.2.0)

PLATFORMS
  ruby

DEPENDENCIES
  md2review
  rake
  review
